GIT
  remote: git://github.com/eveel/myaso.git
  revision: 0c1ccdea515ba379ed202d733be41755acb51f52
  branch: develop
  specs:
    myaso (0.3.0)
      unicode_utils (~> 1.3)

GEM
  remote: http://rubygems.org/
  specs:
    rake (0.9.2.2)
    tokyocabinet (1.29)
    unicode_utils (1.3.0)

PLATFORMS
  ruby

DEPENDENCIES
  myaso!
  rake
  tokyocabinet
