GIT
  remote: git://github.com/eveel/shkuph
  revision: 9a78cbfd66ad1165e3114ec0923ef85570ebefc6
  specs:
    shkuph (0.1.3)

GEM
  remote: http://rubygems.org/
  specs:
    activesupport (3.0.5)
    i18n (0.5.0)
    tokyocabinet (1.29)

PLATFORMS
  ruby

DEPENDENCIES
  activesupport
  i18n
  shkuph!
  tokyocabinet
