GIT
  remote: git://github.com/eveel/myaso.git
  revision: 6b28e996d54af62d392f149ec0cdf52f8bc034b0
  branch: develop
  specs:
    myaso (0.3.0.pre1)
      unicode_utils (~> 1.3)

GEM
  remote: http://rubygems.org/
  specs:
    rake (0.9.2.2)
    tokyocabinet (1.29)
    unicode_utils (1.3.0)

PLATFORMS
  ruby

DEPENDENCIES
  myaso!
  rake
  tokyocabinet
