GIT
  remote: git://github.com/eveel/myaso.git
  revision: 268bc1afcb48b363b9d81cd6f06e9a93b8206726
  branch: develop
  specs:
    myaso (0.3.0.rc3)
      unicode_utils (~> 1.3)

GEM
  remote: http://rubygems.org/
  specs:
    rake (0.9.2.2)
    tokyocabinet (1.29)
    unicode_utils (1.3.0)

PLATFORMS
  ruby

DEPENDENCIES
  myaso!
  rake
  tokyocabinet
