GIT
  remote: git://github.com/eveel/myaso.git
  revision: 7675feea6d3fe38da8fd3fb16f5220112769e482
  branch: develop
  specs:
    myaso (0.3.0.pre2)
      unicode_utils (~> 1.3)

GEM
  remote: http://rubygems.org/
  specs:
    rake (0.9.2.2)
    tokyocabinet (1.29)
    unicode_utils (1.3.0)

PLATFORMS
  ruby

DEPENDENCIES
  myaso!
  rake
  tokyocabinet
