GIT
  remote: git://github.com/eveel/myaso.git
  revision: 097a763a7f5eca6e5d70fcf7675ab9c146626d0d
  branch: revival
  specs:
    myaso (0.3.0.pre)
      activesupport (~> 3.0.8)
      i18n (~> 0.6)
      thor (~> 0.14)
      tokyocabinet (~> 1.29)

GEM
  remote: http://rubygems.org/
  specs:
    activesupport (3.0.8)
    i18n (0.6.0)
    rake (0.9.2)
    thor (0.14.6)
    tokyocabinet (1.29)

PLATFORMS
  ruby

DEPENDENCIES
  activesupport
  myaso!
  rake
