GIT
  remote: git://github.com/eveel/myaso.git
  revision: 18b70e9c0fdea5718e0545890fd61b403040f3ec
  specs:
    myaso (0.3.0.pre)
      activesupport (~> 3.0.0)
      i18n (~> 0.6)
      thor (~> 0.14)
      tokyocabinet (~> 1.29)

GEM
  remote: http://rubygems.org/
  specs:
    activesupport (3.0.9)
    i18n (0.6.0)
    rake (0.9.2)
    thor (0.14.6)
    tokyocabinet (1.29)

PLATFORMS
  ruby

DEPENDENCIES
  activesupport
  myaso!
  rake
