GIT
  remote: git://github.com/eveel/myaso.git
  revision: fdf16a2402c2b1cab42b2c9a1fe6e5f2305cda14
  branch: develop
  specs:
    myaso (0.3.0.pre3)
      unicode_utils (~> 1.3)

GEM
  remote: http://rubygems.org/
  specs:
    rake (0.9.2.2)
    tokyocabinet (1.29)
    unicode_utils (1.3.0)

PLATFORMS
  ruby

DEPENDENCIES
  myaso!
  rake
  tokyocabinet
