GIT
  remote: git://github.com/eveel/myaso.git
  revision: 18219efbd364cc5dc78aef34865669d9cec19f1d
  branch: develop
  specs:
    myaso (0.3.0.rc2)
      unicode_utils (~> 1.3)

GEM
  remote: http://rubygems.org/
  specs:
    rake (0.9.2.2)
    tokyocabinet (1.29)
    unicode_utils (1.3.0)

PLATFORMS
  ruby

DEPENDENCIES
  myaso!
  rake
  tokyocabinet
