GIT
  remote: git://github.com/ustalov/myaso.git
  revision: 8800638fb2efc5077f372ed5edf5f775ab83cbce
  specs:
    myaso (0.3.1.pre2)
      unicode_utils (~> 1.3)

GEM
  remote: http://rubygems.org/
  specs:
    rake (10.0.4)
    tokyocabinet (1.29)
    unicode_utils (1.4.0)

PLATFORMS
  ruby

DEPENDENCIES
  myaso!
  rake
  tokyocabinet
