PATH
  remote: .
  specs:
    myasorubka (0.1)
      unicode_utils (~> 1.4)

GEM
  remote: https://rubygems.org/
  specs:
    rake (10.0.4)
    unicode_utils (1.4.0)

PLATFORMS
  ruby

DEPENDENCIES
  bundler (~> 1.3)
  myasorubka!
  rake
