GIT
  remote: git://github.com/eveel/myaso.git
  revision: 988dd48c956b582971cdae76dc3c99484b8ec2d1
  branch: develop
  specs:
    myaso (0.3.0.rc1)
      unicode_utils (~> 1.3)

GEM
  remote: http://rubygems.org/
  specs:
    rake (0.9.2.2)
    tokyocabinet (1.29)
    unicode_utils (1.3.0)

PLATFORMS
  ruby

DEPENDENCIES
  myaso!
  rake
  tokyocabinet
