GIT
  remote: git://github.com/eveel/myaso.git
  revision: c56d091a60eca49acb2c33efa66eed0f3be987f8
  branch: develop
  specs:
    myaso (0.3.0.rc2)
      unicode_utils (~> 1.3)

GEM
  remote: http://rubygems.org/
  specs:
    rake (0.9.2.2)
    tokyocabinet (1.29)
    unicode_utils (1.3.0)

PLATFORMS
  ruby

DEPENDENCIES
  myaso!
  rake
  tokyocabinet
